GEM
  remote: https://rubygems.org/
  specs:
    Ascii85 (1.0.3)
    addressable (2.7.0)
      public_suffix (>= 2.0.2, < 5.0)
    afm (0.2.2)
    allure-cucumber (0.6.1)
      allure-ruby-adaptor-api (>= 0.7.1)
      cucumber (>= 2.0.0)
    allure-ruby-adaptor-api (0.7.2)
      mimemagic
      nokogiri (~> 1.7)
      uuid
    apktools (0.7.2)
      rubyzip (~> 1.2.1)
    appium_console (2.12.0)
      appium_lib (~> 10.0)
      bond (~> 0.5)
      pry (~> 0.12.0)
      spec (~> 5.3, >= 5.3.1)
      thor (~> 0.19)
    appium_lib (10.1.0)
      appium_lib_core (~> 3.0)
      nokogiri (~> 1.8, >= 1.8.1)
      tomlrb (~> 1.1)
    appium_lib_core (3.0.1)
      faye-websocket (~> 0.10.0)
      selenium-webdriver (~> 3.14, >= 3.14.1)
    assert (2.17.0)
      much-factory (~> 0.1.0)
      much-stub (~> 0.1.0)
    awesome_print (1.8.0)
    backports (3.12.0)
    bond (0.5.1)
    builder (3.2.3)
    capybara (3.15.1)
      addressable
      mini_mime (>= 0.1.3)
      nokogiri (~> 1.8)
      rack (>= 1.6.0)
      rack-test (>= 0.6.3)
      regexp_parser (~> 1.2)
      xpath (~> 3.2)
    childprocess (0.9.0)
      ffi (~> 1.0, >= 1.0.11)
    chronic_duration (0.10.6)
      numerizer (~> 0.1.1)
    chunky_png (1.3.6)
    clipboard (1.3.3)
    coderay (1.1.2)
    colorize (0.8.1)
    commander (4.4.7)
      highline (~> 2.0.0)
    concurrent-ruby (1.1.4)
    cpf_faker (1.3.0)
      clipboard
    credy (0.2.1)
      thor (~> 0.19.1)
    cucumber (3.1.2)
      builder (>= 2.1.2)
      cucumber-core (~> 3.2.0)
      cucumber-expressions (~> 6.0.1)
      cucumber-wire (~> 0.0.1)
      diff-lcs (~> 1.3)
      gherkin (~> 5.1.0)
      multi_json (>= 1.7.5, < 2.0)
      multi_test (>= 0.1.2)
    cucumber-core (3.2.1)
      backports (>= 3.8.0)
      cucumber-tag_expressions (~> 1.1.0)
      gherkin (~> 5.0)
    cucumber-expressions (6.0.1)
    cucumber-tag_expressions (1.1.1)
    cucumber-wire (0.0.1)
    diff-lcs (1.3)
    eventmachine (1.2.7)
    eventmachine (1.2.7-x86-mingw32)
    eyes_core (3.14.5)
      chunky_png (= 1.3.6)
      faraday
      oily_png (~> 1.2)
      oj
    eyes_images (3.14.5)
      eyes_core (= 3.14.5)
    faker (1.9.3)
      i18n (>= 0.7)
    faraday (0.15.4)
      multipart-post (>= 1.2, < 3)
    faye-websocket (0.10.7)
      eventmachine (>= 0.12.0)
      websocket-driver (>= 0.5.1)
    ffi (1.10.0)
    ffi (1.10.0-x86-mingw32)
    flick (0.4.6)
      apktools (~> 0.7.1, >= 0.7.1)
      awesome_print (~> 1.6, >= 1.6.1)
      colorize (~> 0.8.1)
      commander
      eyes_images
      ffi
      json
      os (~> 0.9.6)
      parallel (~> 1.6, >= 1.6.2)
      pry
      sys-proctable (~> 1.1, >= 1.1.1)
      wannabe_bool (~> 0.5.0)
    gherkin (5.1.0)
    hashery (2.1.2)
    highline (2.0.1)
    httparty (0.16.4)
      mime-types (~> 3.0)
      multi_xml (>= 0.5.2)
    i18n (1.5.3)
      concurrent-ruby (~> 1.0)
    json (2.2.0)
    macaddr (1.7.1)
      systemu (~> 2.6.2)
    method_source (0.9.2)
    mime-types (3.2.2)
      mime-types-data (~> 3.2015)
    mime-types-data (3.2018.0812)
    mimemagic (0.3.3)
    mini_mime (1.0.2)
    mini_portile2 (2.4.0)
    much-factory (0.1.0)
    much-stub (0.1.1)
    multi_json (1.13.1)
    multi_test (0.1.2)
    multi_xml (0.6.0)
    multipart-post (2.0.0)
    nokogiri (1.10.1)
      mini_portile2 (~> 2.4.0)
    nokogiri (1.10.1-x86-mingw32)
      mini_portile2 (~> 2.4.0)
    numerizer (0.1.1)
    oily_png (1.2.0)
      chunky_png (~> 1.3.1)
    oj (3.7.9)
    os (0.9.6)
    parallel (1.14.0)
    pdf-reader (2.2.1)
      Ascii85 (~> 1.0.0)
      afm (~> 0.2.1)
      hashery (~> 2.0)
      ruby-rc4
      ttfunk
    power_assert (0.2.6)
    pry (0.12.2)
      coderay (~> 1.1.0)
      method_source (~> 0.9.0)
    public_suffix (4.0.1)
    rack (2.1.1)
    rack-test (1.1.0)
      rack (>= 1.0, < 3)
    rake (12.3.3)
    regexp_parser (1.6.0)
    report_builder (1.8)
      json (>= 1.8.1)
    roo (2.8.2)
      nokogiri (~> 1)
      rubyzip (>= 1.2.1, < 2.0.0)
    rspec (3.8.0)
      rspec-core (~> 3.8.0)
      rspec-expectations (~> 3.8.0)
      rspec-mocks (~> 3.8.0)
    rspec-core (3.8.0)
      rspec-support (~> 3.8.0)
    rspec-expectations (3.8.2)
      diff-lcs (>= 1.2.0, < 2.0)
      rspec-support (~> 3.8.0)
    rspec-mocks (3.8.0)
      diff-lcs (>= 1.2.0, < 2.0)
      rspec-support (~> 3.8.0)
    rspec-support (3.8.0)
    ruby-ole (1.2.12.2)
    ruby-rc4 (0.1.5)
    rubyXL (3.4.6)
      nokogiri (>= 1.4.4)
      rubyzip (>= 1.1.6)
    rubyzip (1.2.2)
    selenium-webdriver (3.141.0)
      childprocess (~> 0.5)
      rubyzip (~> 1.2, >= 1.2.2)
    spec (5.3.4)
      chronic_duration (~> 0.10.2)
    spreadsheet (1.2.4)
      ruby-ole (>= 1.0)
    sys-proctable (1.2.1)
      ffi
    systemu (2.6.5)
    test-unit (3.1.5)
      power_assert
    thor (0.19.4)
    tomlrb (1.2.8)
    ttfunk (1.5.1)
    uuid (2.3.9)
      macaddr (~> 1.0)
    wannabe_bool (0.5.0)
    watir (6.16.5)
      regexp_parser (~> 1.2)
      selenium-webdriver (~> 3.6)
    webdrivers (4.1.2)
      nokogiri (~> 1.6)
      rubyzip (~> 1.0)
      selenium-webdriver (>= 3.0, < 4.0)
    websocket-driver (0.7.0)
      websocket-extensions (>= 0.1.0)
    websocket-extensions (0.1.3)
    xpath (3.2.0)
      nokogiri (~> 1.8)

PLATFORMS
  ruby
  x86-mingw32

DEPENDENCIES
  allure-cucumber
  appium_console
  appium_lib
  assert
  capybara
  cpf_faker
  credy
  cucumber
  faker
  flick
  httparty
  pdf-reader
  pry
  rake
  report_builder
  roo
  rspec
  rubyXL
  selenium-webdriver
  spreadsheet
  test-unit
  watir
  webdrivers

BUNDLED WITH
   2.1.0.pre.2
